GEM
  remote: https://rubygems.org/
  specs:
    agoo (2.5.0)
    graphql (1.8.8)
    sequel (5.11.0)
    sqlite3 (1.3.13)

PLATFORMS
  ruby

DEPENDENCIES
  agoo
  graphql
  sequel
  sqlite3

BUNDLED WITH
   1.16.1
