GEM
  remote: https://rubygems.org/
  specs:
    agoo (2.5.0)
    dotenv (2.5.0)
    graphql (1.8.8)
    pg (1.1.2)
    sequel (5.11.0)

PLATFORMS
  ruby

DEPENDENCIES
  agoo
  dotenv
  graphql
  pg
  sequel

BUNDLED WITH
   1.16.1
