GEM
  remote: https://rubygems.org/
  specs:
    activesupport (5.2.1)
      concurrent-ruby (~> 1.0, >= 1.0.2)
      i18n (>= 0.7, < 2)
      minitest (~> 5.1)
      tzinfo (~> 1.1)
    agoo (2.5.0)
    concurrent-ruby (1.0.5)
    dotenv (2.5.0)
    graphql (1.8.8)
    i18n (1.1.0)
      concurrent-ruby (~> 1.0)
    minitest (5.11.3)
    pg (1.1.2)
    sequel (5.11.0)
    thread_safe (0.3.6)
    tzinfo (1.2.5)
      thread_safe (~> 0.1)

PLATFORMS
  ruby

DEPENDENCIES
  activesupport
  agoo
  dotenv
  graphql
  pg
  sequel

BUNDLED WITH
   1.16.1
